GEM
  remote: http://rubygems.org/
  specs:
    awesome_print (1.0.2)
    haversine (0.3.0)
    nokogiri (1.5.0)
    poscvt (0.1)

PLATFORMS
  ruby

DEPENDENCIES
  awesome_print
  haversine
  nokogiri
  poscvt
